PATH
  remote: .
  specs:
    manifold_docker (0.1.0)
      pastel (~> 0)
      pry
      thor (~> 0.20.0)
      tty-box (~> 0)
      tty-color (~> 0)
      tty-command (~> 0)
      tty-config (~> 0)
      tty-cursor (~> 0)
      tty-editor (~> 0)
      tty-file (~> 0)
      tty-font (~> 0)
      tty-logger (~> 0)
      tty-markdown (~> 0)
      tty-pager (~> 0)
      tty-pie (~> 0)
      tty-platform (~> 0)
      tty-progressbar (~> 0)
      tty-prompt (~> 0)
      tty-screen (~> 0)
      tty-spinner (~> 0)
      tty-table (~> 0)
      tty-tree (~> 0)
      tty-which (~> 0)

GEM
  remote: https://rubygems.org/
  specs:
    coderay (1.1.3)
    diff-lcs (1.4.4)
    kramdown (2.3.1)
      rexml
    method_source (0.9.2)
    pastel (0.8.0)
      tty-color (~> 0.5)
    pry (0.12.2)
      coderay (~> 1.1.0)
      method_source (~> 0.9.0)
    rake (13.0.3)
    rexml (3.3.3)
      strscan
    rouge (3.26.0)
    rspec (3.10.0)
      rspec-core (~> 3.10.0)
      rspec-expectations (~> 3.10.0)
      rspec-mocks (~> 3.10.0)
    rspec-core (3.10.1)
      rspec-support (~> 3.10.0)
    rspec-expectations (3.10.1)
      diff-lcs (>= 1.2.0, < 2.0)
      rspec-support (~> 3.10.0)
    rspec-mocks (3.10.2)
      diff-lcs (>= 1.2.0, < 2.0)
      rspec-support (~> 3.10.0)
    rspec-support (3.10.2)
    strings (0.2.1)
      strings-ansi (~> 0.2)
      unicode-display_width (>= 1.5, < 3.0)
      unicode_utils (~> 1.4)
    strings-ansi (0.2.0)
    strscan (3.1.0)
    thor (0.20.3)
    tty-box (0.7.0)
      pastel (~> 0.8)
      strings (~> 0.2.0)
      tty-cursor (~> 0.7)
    tty-color (0.6.0)
    tty-command (0.10.1)
      pastel (~> 0.8)
    tty-config (0.4.0)
    tty-cursor (0.7.1)
    tty-editor (0.6.0)
      tty-prompt (~> 0.22)
    tty-file (0.10.0)
      diff-lcs (~> 1.3)
      pastel (~> 0.8)
      tty-prompt (~> 0.22)
    tty-font (0.5.0)
    tty-logger (0.6.0)
      pastel (~> 0.8)
    tty-markdown (0.7.0)
      kramdown (>= 1.16.2, < 3.0)
      pastel (~> 0.8)
      rouge (~> 3.14)
      strings (~> 0.2.0)
      tty-color (~> 0.5)
      tty-screen (~> 0.8)
    tty-pager (0.14.0)
      strings (~> 0.2.0)
      tty-screen (~> 0.8)
    tty-pie (0.4.0)
      pastel (~> 0.8)
      tty-cursor (~> 0.7)
    tty-platform (0.3.0)
    tty-progressbar (0.18.2)
      strings-ansi (~> 0.2)
      tty-cursor (~> 0.7)
      tty-screen (~> 0.8)
      unicode-display_width (>= 1.6, < 3.0)
    tty-prompt (0.23.1)
      pastel (~> 0.8)
      tty-reader (~> 0.8)
    tty-reader (0.9.0)
      tty-cursor (~> 0.7)
      tty-screen (~> 0.8)
      wisper (~> 2.0)
    tty-screen (0.8.1)
    tty-spinner (0.9.3)
      tty-cursor (~> 0.7)
    tty-table (0.12.0)
      pastel (~> 0.8)
      strings (~> 0.2.0)
      tty-screen (~> 0.8)
    tty-tree (0.4.0)
    tty-which (0.4.2)
    unicode-display_width (2.0.0)
    unicode_utils (1.4.0)
    wisper (2.0.1)

PLATFORMS
  x86_64-darwin-20
  x86_64-linux

DEPENDENCIES
  bundler (>= 2.2.0)
  manifold_docker!
  pry (~> 0.12.2)
  rake (~> 13.0)
  rspec (~> 3.0)

BUNDLED WITH
   2.2.17
